GIT
  remote: git://github.com/jekyll/jekyll-archives.git
  revision: 73e5197f710bf59321e2dfcd2d24c51a49ce4b0c
  specs:
    jekyll-archives (2.0.0)
      jekyll (>= 2.4)

GEM
  remote: https://rubygems.org/
  specs:
    celluloid (0.16.0)
      timers (~> 4.0.0)
    colorator (0.1)
    diff-lcs (1.2.5)
    ffi (1.9.8)
    hitimes (1.2.2)
    jekyll (3.0.0.pre.beta2)
      colorator (~> 0.1)
      jekyll-sass-converter (~> 1.0)
      jekyll-watch (~> 1.1)
      kramdown (~> 1.3)
      liquid (~> 3.0)
      mercenary (~> 0.3.3)
      rouge (~> 1.7)
      safe_yaml (~> 1.0)
    jekyll-gist (1.2.1)
    jekyll-paginate (1.1.0)
    jekyll-redirect-from (0.7.0)
      jekyll (>= 2.0)
    jekyll-sass-converter (1.3.0)
      sass (~> 3.2)
    jekyll-sitemap (0.8.1)
    jekyll-watch (1.2.1)
      listen (~> 2.7)
    kramdown (1.6.0)
    liquid (3.0.1)
    listen (2.9.0)
      celluloid (>= 0.15.2)
      rb-fsevent (>= 0.9.3)
      rb-inotify (>= 0.9)
    mercenary (0.3.5)
    rake (10.4.2)
    rb-fsevent (0.9.4)
    rb-inotify (0.9.5)
      ffi (>= 0.5.0)
    redcarpet (3.2.2)
    rouge (1.8.0)
    rspec (3.2.0)
      rspec-core (~> 3.2.0)
      rspec-expectations (~> 3.2.0)
      rspec-mocks (~> 3.2.0)
    rspec-core (3.2.2)
      rspec-support (~> 3.2.0)
    rspec-expectations (3.2.0)
      diff-lcs (>= 1.2.0, < 2.0)
      rspec-support (~> 3.2.0)
    rspec-mocks (3.2.1)
      diff-lcs (>= 1.2.0, < 2.0)
      rspec-support (~> 3.2.0)
    rspec-support (3.2.2)
    safe_yaml (1.0.4)
    sass (3.4.13)
    timers (4.0.1)
      hitimes

PLATFORMS
  ruby

DEPENDENCIES
  jekyll (>= 3.0.0.pre.beta2)
  jekyll-archives (>= 2.0.0)!
  jekyll-gist (~> 1.0)
  jekyll-paginate (~> 1.0)
  jekyll-redirect-from (~> 0.7)
  jekyll-sitemap (~> 0.8)
  rake (~> 10.1)
  redcarpet (~> 3.2)
  rspec (~> 3.0)
